GIT
  remote: git://github.com/alex-klepa/localeapp.git
  revision: 99050e84423db879d4f5db4c374346b04a28bdce
  branch: master
  specs:
    localeapp (0.8.1)
      gli
      i18n
      json
      rack
      rest-client
      ya2yaml

GIT
  remote: git://github.com/alex-klepa/mercury.git
  revision: c1473408dd3de8264e13eb0041f386373a6cba9f
  specs:
    mercury-rails (0.9.0)
      coffee-rails (>= 3.2.2)
      railties (>= 3.0)

GIT
  remote: https://08689d5df765820f69c96ccae7db9ecaed88f27e:x-oauth-basic@github.com/digitalmedia/godzilla_api.git
  revision: 56acdcd571b45a81090f72677c843fefad14bfa7
  branch: master
  specs:
    godzilla_api (0.2.52)
      faraday (~> 0.9.0)
      faraday_middleware (~> 0.9.1)
      rack (~> 1.5.2)
      vcr (~> 2.9.2)
      webmock (~> 1.18.0)

GEM
  remote: https://rubygems.org/
  specs:
    actionmailer (4.1.7)
      actionpack (= 4.1.7)
      actionview (= 4.1.7)
      mail (~> 2.5, >= 2.5.4)
    actionpack (4.1.7)
      actionview (= 4.1.7)
      activesupport (= 4.1.7)
      rack (~> 1.5.2)
      rack-test (~> 0.6.2)
    actionpack-action_caching (1.1.1)
      actionpack (>= 4.0.0, < 5.0)
    actionview (4.1.7)
      activesupport (= 4.1.7)
      builder (~> 3.1)
      erubis (~> 2.7.0)
    activemodel (4.1.7)
      activesupport (= 4.1.7)
      builder (~> 3.1)
    activerecord (4.1.7)
      activemodel (= 4.1.7)
      activesupport (= 4.1.7)
      arel (~> 5.0.0)
    activesupport (4.1.7)
      i18n (~> 0.6, >= 0.6.9)
      json (~> 1.7, >= 1.7.7)
      minitest (~> 5.1)
      thread_safe (~> 0.1)
      tzinfo (~> 1.1)
    addressable (2.3.8)
    arel (5.0.1.20140414130214)
    autoprefixer-rails (2.0.0.20140622)
      execjs
    better_errors (2.1.1)
      coderay (>= 1.0.0)
      erubis (>= 2.6.6)
      rack (>= 0.9.0)
    binding_of_caller (0.7.2)
      debug_inspector (>= 0.0.1)
    blue-daemons (1.1.11)
    bluepill (0.0.69)
      activesupport (>= 3, < 5)
      blue-daemons (~> 1.1.11)
      i18n (~> 0.5)
      state_machine (~> 1.1)
    bootstrap-sass (3.2.0.2)
      sass (~> 3.2)
    browser (0.7.2)
    builder (3.2.2)
    cacheable_flash (0.3.3)
      json
      stackable_flash (>= 0.0.7)
    cached_key_value_store (0.1.0)
      activesupport
    callsite (0.0.11)
    celluloid (0.15.2)
      timers (~> 1.1.0)
    coderay (1.1.0)
    coffee-rails (4.0.1)
      coffee-script (>= 2.2.0)
      railties (>= 4.0.0, < 5.0)
    coffee-script (2.4.1)
      coffee-script-source
      execjs
    coffee-script-source (1.8.0)
    connection_pool (2.2.0)
    crack (0.4.2)
      safe_yaml (~> 1.0.0)
    daemons (1.2.2)
    database_cleaner (1.4.1)
    debug_inspector (0.0.2)
    domain_name (0.5.24)
      unf (>= 0.0.5, < 1.0.0)
    erubis (2.7.0)
    eventmachine (1.0.7)
    execjs (2.5.2)
    faraday (0.9.1)
      multipart-post (>= 1.2, < 3)
    faraday_middleware (0.9.1)
      faraday (>= 0.7.4, < 0.10)
    figaro (1.1.1)
      thor (~> 0.14)
    gibberish (1.4.0)
    gli (2.13.0)
    hike (1.2.3)
    hiredis (0.6.0)
    http-cookie (1.0.2)
      domain_name (~> 0.5)
    i18n (0.7.0)
    jquery-rails (3.1.2)
      railties (>= 3.0, < 5.0)
      thor (>= 0.14, < 2.0)
    json (1.8.2)
    kgio (2.9.3)
    libv8 (3.16.14.7)
    mail (2.6.3)
      mime-types (>= 1.16, < 3)
    meta_request (0.3.4)
      callsite (~> 0.0, >= 0.0.11)
      rack-contrib (~> 1.1)
      railties (>= 3.0.0, < 5.0.0)
    method_source (0.8.2)
    mime-types (2.5)
    minitest (5.6.1)
    mlanett-redis-lock (0.2.6)
      redis
    msgpack (0.5.11)
    multi_json (1.11.0)
    multipart-post (2.0.0)
    netrc (0.10.3)
    newrelic_rpm (3.11.2.286)
    nido (0.0.1)
    ohm (2.0.1)
      msgpack
      nido
      redic
    ohm-contrib (2.0.1)
      ohm (~> 2.0)
    pry (0.10.1)
      coderay (~> 1.1.0)
      method_source (~> 0.8.1)
      slop (~> 3.4)
    rack (1.5.2)
    rack-contrib (1.2.0)
      rack (>= 0.9.1)
    rack-mini-profiler (0.9.3)
      rack (>= 1.1.3)
    rack-protection (1.5.3)
      rack
    rack-test (0.6.3)
      rack (>= 1.0)
    rails (4.1.7)
      actionmailer (= 4.1.7)
      actionpack (= 4.1.7)
      actionview (= 4.1.7)
      activemodel (= 4.1.7)
      activerecord (= 4.1.7)
      activesupport (= 4.1.7)
      bundler (>= 1.3.0, < 2.0)
      railties (= 4.1.7)
      sprockets-rails (~> 2.0)
    rails-i18n (4.0.4)
      i18n (~> 0.6)
      railties (~> 4.0)
    rails_12factor (0.0.3)
      rails_serve_static_assets
      rails_stdout_logging
    rails_serve_static_assets (0.0.4)
    rails_stdout_logging (0.0.3)
    railties (4.1.7)
      actionpack (= 4.1.7)
      activesupport (= 4.1.7)
      rake (>= 0.8.7)
      thor (>= 0.18.1, < 2.0)
    raindrops (0.13.0)
    rake (10.4.2)
    rdoc (4.2.0)
      json (~> 1.4)
    redic (1.4.1)
      hiredis
    redis (3.2.1)
    redis-actionpack (4.0.0)
      actionpack (~> 4)
      redis-rack (~> 1.5.0)
      redis-store (~> 1.1.0)
    redis-activesupport (4.0.0)
      activesupport (~> 4)
      redis-store (~> 1.1.0)
    redis-namespace (1.5.2)
      redis (~> 3.0, >= 3.0.4)
    redis-rack (1.5.0)
      rack (~> 1.5)
      redis-store (~> 1.1.0)
    redis-rails (4.0.0)
      redis-actionpack (~> 4)
      redis-activesupport (~> 4)
      redis-store (~> 1.1.0)
    redis-session-store (0.7.0)
      redis
    redis-store (1.1.4)
      redis (>= 2.2)
    ref (1.0.5)
    rest-client (1.8.0)
      http-cookie (>= 1.0.2, < 2.0)
      mime-types (>= 1.16, < 3.0)
      netrc (~> 0.7)
    ruby_regex (0.1.1)
      rake
    safe_yaml (1.0.4)
    sass (3.2.19)
    sass-rails (4.0.5)
      railties (>= 4.0.0, < 5.0)
      sass (~> 3.2.2)
      sprockets (~> 2.8, < 3.0)
      sprockets-rails (~> 2.0)
    sdoc (0.4.1)
      json (~> 1.7, >= 1.7.7)
      rdoc (~> 4.0)
    sidekiq (3.2.6)
      celluloid (= 0.15.2)
      connection_pool (>= 2.0.0)
      json
      redis (>= 3.0.6)
      redis-namespace (>= 1.3.1)
    simple_form (3.0.3)
      actionpack (~> 4.0)
      activemodel (~> 4.0)
    sinatra (1.4.6)
      rack (~> 1.4)
      rack-protection (~> 1.4)
      tilt (>= 1.3, < 3)
    slop (3.6.0)
    sprockets (2.12.3)
      hike (~> 1.2)
      multi_json (~> 1.0)
      rack (~> 1.0)
      tilt (~> 1.1, != 1.3.0)
    sprockets-rails (2.2.4)
      actionpack (>= 3.0)
      activesupport (>= 3.0)
      sprockets (>= 2.8, < 4.0)
    stackable_flash (0.0.7)
    state_machine (1.2.0)
    therubyracer (0.12.2)
      libv8 (~> 3.16.14.0)
      ref
    thin (1.6.3)
      daemons (~> 1.0, >= 1.0.9)
      eventmachine (~> 1.0)
      rack (~> 1.0)
    thor (0.19.1)
    thread_local_accessor (0.1.1)
    thread_safe (0.3.5)
    tilt (1.4.1)
    timers (1.1.0)
    tzinfo (1.2.2)
      thread_safe (~> 0.1)
    uglifier (2.7.1)
      execjs (>= 0.3.0)
      json (>= 1.8.0)
    unf (0.1.4)
      unf_ext
    unf_ext (0.0.7.1)
    unicorn (4.9.0)
      kgio (~> 2.6)
      rack
      raindrops (~> 0.7)
    vcr (2.9.3)
    webmock (1.18.0)
      addressable (>= 2.3.6)
      crack (>= 0.3.2)
    ya2yaml (0.31)

PLATFORMS
  ruby

DEPENDENCIES
  actionpack-action_caching (~> 1.1.0)
  activemodel (~> 4.1.7)
  autoprefixer-rails (~> 2.0.0.20140622)
  better_errors
  binding_of_caller
  bluepill (~> 0.0.68)
  bootstrap-sass (~> 3.2.0)
  browser (~> 0.7.0)
  cacheable_flash (~> 0.3.3)
  cached_key_value_store
  coffee-rails (~> 4.0.0)
  coffee-script-source (~> 1.8.0)
  database_cleaner
  figaro
  gibberish (~> 1.4.0)
  godzilla_api!
  jquery-rails (~> 3.1.1)
  localeapp!
  mercury-rails!
  meta_request
  mlanett-redis-lock
  newrelic_rpm
  ohm (~> 2.0.1)
  ohm-contrib (~> 2.0.0)
  pry
  rack-mini-profiler
  rails (= 4.1.7)
  rails-i18n (~> 4.0.3)
  rails_12factor (~> 0.0.2)
  redis-rails (~> 4.0.0)
  redis-session-store (~> 0.7.0)
  ruby_regex
  sass-rails (~> 4.0.3)
  sdoc (~> 0.4.0)
  sidekiq (~> 3.2.1)
  simple_form (~> 3.0.2)
  sinatra (~> 1.4.5)
  therubyracer
  thin
  thread_local_accessor (~> 0.1.1)
  uglifier (>= 1.3.0)
  unicorn
